GEM
  remote: https://rubygems.org/
  specs:
    addressable (2.3.8)
    faraday (0.9.1)
      multipart-post (>= 1.2, < 3)
    hashie (3.4.2)
    multipart-post (2.0.0)
    octokit (4.1.0)
      sawyer (~> 0.6.0, >= 0.5.3)
    prpr (0.1.0)
      hashie
      octokit
      sinatra
    prpr-mention_comment (0.1.1)
      prpr
    prpr-mention_reviewers (0.1.1)
      prpr
    prpr-slack (0.1.1)
      prpr
      slack-notifier
    rack (1.6.4)
    rack-protection (1.5.3)
      rack
    sawyer (0.6.0)
      addressable (~> 2.3.5)
      faraday (~> 0.8, < 0.10)
    sinatra (1.4.6)
      rack (~> 1.4)
      rack-protection (~> 1.4)
      tilt (>= 1.3, < 3)
    slack-notifier (1.3.0)
    tilt (2.0.1)

PLATFORMS
  ruby

DEPENDENCIES
  prpr
  prpr-mention_comment
  prpr-mention_reviewers
  prpr-slack

BUNDLED WITH
   2.1.4
